PATH
  remote: .
  specs:
    logisticed (0.1.0)

GEM
  remote: https://rubygems.org/
  specs:
    rake (12.3.3)

PLATFORMS
  ruby

DEPENDENCIES
  logisticed!
  rake (~> 12.0)

BUNDLED WITH
   2.1.4
